GIT
  remote: https://github.com/mjm/courier-service
  revision: 64fab5bf5269d2c0bd3b096b4db51fa819a1b06c
  specs:
    courier-service (0.1.0)
      jwt
      twirp

GEM
  remote: https://rubygems.org/
  specs:
    diff-lcs (1.3)
    faraday (0.15.2)
      multipart-post (>= 1.2, < 3)
    google-protobuf (3.6.1)
    jwt (2.1.0)
    mini_portile2 (2.3.0)
    multipart-post (2.0.0)
    nokogiri (1.8.4)
      mini_portile2 (~> 2.3.0)
    puma (3.12.0)
    rack (2.0.5)
    rake (10.5.0)
    rspec (3.7.0)
      rspec-core (~> 3.7.0)
      rspec-expectations (~> 3.7.0)
      rspec-mocks (~> 3.7.0)
    rspec-core (3.7.1)
      rspec-support (~> 3.7.0)
    rspec-expectations (3.7.0)
      diff-lcs (>= 1.2.0, < 2.0)
      rspec-support (~> 3.7.0)
    rspec-mocks (3.7.0)
      diff-lcs (>= 1.2.0, < 2.0)
      rspec-support (~> 3.7.0)
    rspec-support (3.7.1)
    twirp (1.0.0)
      faraday (~> 0)
      google-protobuf (~> 3.0, >= 3.0.0)

PLATFORMS
  ruby

DEPENDENCIES
  courier-service!
  nokogiri
  puma
  rack
  rake (~> 10.0)
  rspec (~> 3.0)
  twirp

RUBY VERSION
   ruby 2.5.1p57

BUNDLED WITH
   1.16.1
